PATH
  remote: .
  specs:
    jackhammer (0.2.0)
      bunny (~> 2.14)

GEM
  remote: https://rubygems.org/
  specs:
    amq-protocol (2.3.0)
    ast (2.4.0)
    bunny (2.14.2)
      amq-protocol (~> 2.3, >= 2.3.0)
    bunny-mock (1.7.0)
      bunny (>= 1.7)
    byebug (11.0.1)
    diff-lcs (1.3)
    jaro_winkler (1.5.3)
    parallel (1.17.0)
    parser (2.6.5.0)
      ast (~> 2.4.0)
    rainbow (3.0.0)
    rake (10.5.0)
    rspec (3.8.0)
      rspec-core (~> 3.8.0)
      rspec-expectations (~> 3.8.0)
      rspec-mocks (~> 3.8.0)
    rspec-core (3.8.2)
      rspec-support (~> 3.8.0)
    rspec-expectations (3.8.4)
      diff-lcs (>= 1.2.0, < 2.0)
      rspec-support (~> 3.8.0)
    rspec-mocks (3.8.1)
      diff-lcs (>= 1.2.0, < 2.0)
      rspec-support (~> 3.8.0)
    rspec-support (3.8.2)
    rubocop (0.75.0)
      jaro_winkler (~> 1.5.1)
      parallel (~> 1.10)
      parser (>= 2.6)
      rainbow (>= 2.2.2, < 4.0)
      ruby-progressbar (~> 1.7)
      unicode-display_width (>= 1.4.0, < 1.7)
    rubocop-performance (1.5.0)
      rubocop (>= 0.71.0)
    ruby-progressbar (1.10.1)
    unicode-display_width (1.6.0)

PLATFORMS
  ruby

DEPENDENCIES
  bundler (~> 2.0)
  bunny-mock (~> 1.7)
  byebug
  jackhammer!
  rake (~> 10.0)
  rspec (~> 3.0)
  rubocop (~> 0.74)
  rubocop-performance (~> 1.5.0)

BUNDLED WITH
   2.0.2
